GEM
  remote: https://rubygems.org/
  specs:
    colorize (0.8.1)
    json (2.6.3)

PLATFORMS
  x64-mingw-ucrt

DEPENDENCIES
  colorize
  json

BUNDLED WITH
   2.4.1
